GEM
  remote: http://rubygems.org/
  specs:
    addressable (2.2.7)
    chunky_png (1.2.5)
    compass (0.11.7)
      chunky_png (~> 1.2)
      fssm (>= 0.2.7)
      sass (~> 3.1)
    em-websocket (0.3.6)
      addressable (>= 2.1.1)
      eventmachine (>= 0.12.9)
    eventmachine (0.12.10)
    ffi (1.0.11)
    fssm (0.2.8.1)
    guard (1.0.0)
      ffi (>= 0.5.0)
      thor (~> 0.14.6)
    guard-compass (0.0.6)
      compass (>= 0.10.5)
      guard (>= 0.2.1)
    guard-jshint-on-rails (0.0.8)
      guard (>= 0.4.0)
      jshint (>= 0.1.1)
    guard-livereload (0.4.2)
      em-websocket (>= 0.2.0)
      guard (>= 0.10.0)
      multi_json (~> 1.0)
    jshint (0.1.1)
    libnotify (0.7.2)
    multi_json (1.1.0)
    rb-inotify (0.8.8)
      ffi (>= 0.5.0)
    sass (3.1.15)
    thor (0.14.6)

PLATFORMS
  ruby

DEPENDENCIES
  guard
  guard-compass
  guard-jshint-on-rails
  guard-livereload
  libnotify
  rb-inotify
